GEM
  remote: https://rubygems.org/
  specs:
    diff-lcs (1.4.4)
    rspec (3.10.0)
      rspec-core (~> 3.10.0)
      rspec-expectations (~> 3.10.0)
      rspec-mocks (~> 3.10.0)
    rspec-core (3.10.0)
      rspec-support (~> 3.10.0)
    rspec-expectations (3.10.0)
      diff-lcs (>= 1.2.0, < 2.0)
      rspec-support (~> 3.10.0)
    rspec-mocks (3.10.0)
      diff-lcs (>= 1.2.0, < 2.0)
      rspec-support (~> 3.10.0)
    rspec-support (3.10.0)
    ruby-prof (1.4.2)

PLATFORMS
  ruby

DEPENDENCIES
  rspec (~> 3.10)
  ruby-prof (~> 1.4, >= 1.4.2)

RUBY VERSION
   ruby 2.6.5p114

BUNDLED WITH
   2.1.4
